{
  "InstitutionAddress": "660 S Euclid Ave, St. Louis, MO 63110, USA",
  "InstitutionName": "Washington University School of Medicine",
  "InstitutionalDepartmentName": "Department of Psychiatry",
  "PowerLineFrequency": 60,
  "ManufacturersModelName": "Neuroscan 4.5",
  "TaskName": "Experiment",
  "MiscChannelCount": 35,
  "EEGReference": "common",
  "RecordingType": "continuous",
  "RecordingDuration": 1072.6,
  "SamplingFrequency": 1000,
  "EEGChannelCount": 35,
  "EOGChannelCount": 0,
  "ECGChannelCount": 0,
  "EMGChannelCount": 0,
  "SoftwareFilters": "n/a"
}